PATH
  remote: .
  specs:
    ausbits_client (0.0.7)
      activesupport
      faye-websocket

GEM
  remote: https://rubygems.org/
  specs:
    activesupport (4.1.0)
      i18n (~> 0.6, >= 0.6.9)
      json (~> 1.7, >= 1.7.7)
      minitest (~> 5.1)
      thread_safe (~> 0.1)
      tzinfo (~> 1.1)
    eventmachine (1.0.3)
    faye-websocket (0.7.3)
      eventmachine (>= 0.12.0)
      websocket-driver (>= 0.3.1)
    i18n (0.6.11)
    json (1.8.1)
    minitest (5.3.3)
    rake (10.3.1)
    thread_safe (0.3.3)
    tzinfo (1.1.0)
      thread_safe (~> 0.1)
    websocket-driver (0.3.2)

PLATFORMS
  ruby

DEPENDENCIES
  ausbits_client!
  rake
